{
  "ECGChannelCount": 0,
  "EEGChannelCount": 128,
  "EEGReference": "DRL",
  "EMGChannelCount": 0,
  "EOGChannelCount": 0,
  "MiscChannelCount": 16,
  "PowerLineFrequency": 50,
  "RecordingDuration": 418,
  "SamplingFrequency": 1024,
  "TaskDescription": "Subjects were seated while fixing gace",
  "TaskName": "resting",
  "TriggerChannelCount": 0,
  "SoftwareFilters": "n/a"
}